PATH
  remote: .
  specs:
    gbtestee (0.0.1)
      json (= 1.5.1)

GEM
  remote: https://rubygems.org/
  specs:
    json (1.5.1)
    rake (10.4.2)

PLATFORMS
  ruby

DEPENDENCIES
  bundler (~> 1.7)
  gbtestee!
  rake (~> 10.0)
